GEM
  remote: https://rubygems.org/
  specs:
    rack (2.0.9)

PLATFORMS
  x86_64-darwin-14

DEPENDENCIES
  rack (~> 2.0.1)

BUNDLED WITH
   2.2.15
